GEM
  remote: https://rubygems.org/
  specs:
    breakpoint (2.5.0)
      sass (~> 3.3)
      sassy-maps (< 1.0.0)
    sass (3.4.12)
    sassy-maps (0.4.0)
      sass (~> 3.3)
    susy (2.2.2)
      sass (>= 3.3.0, < 3.5)

PLATFORMS
  ruby

DEPENDENCIES
  breakpoint (~> 2.5.0)
  sass (~> 3.4.12)
  susy (~> 2.2.2)
